PATH
  remote: .
  specs:
    sepa (0.1.0)
      nokogiri

GEM
  remote: https://rubygems.org/
  specs:
    mini_portile (0.5.2)
    nokogiri (1.6.1)
      mini_portile (~> 0.5.0)

PLATFORMS
  ruby

DEPENDENCIES
  sepa!
